PATH
  remote: .
  specs:
    mvn2chain (1.2.3)
      everyday-cli-utils (~> 1.8, >= 1.8.7.2)
      everyday-plugins (~> 1.2, >= 1.2.2)
      everyday_thor_util (~> 2.0, >= 2.0.8)
      mvn2 (~> 2.7, >= 2.7.4)
      thor (~> 0.20, >= 0.20.3)

GEM
  remote: https://rubygems.org/
  specs:
    everyday-cli-utils (1.8.7.2)
    everyday-plugins (1.2.2)
      everyday-cli-utils (~> 1.8, >= 1.8.7.2)
    everyday_thor_util (2.0.8)
      everyday-plugins (~> 1.2, >= 1.2.2)
      thor (~> 0.20, >= 0.20.3)
    mvn2 (2.7.4)
      everyday-cli-utils (~> 1.8, >= 1.8.7.2)
      everyday-plugins (~> 1.2, >= 1.2.2)
    rake (12.3.3)
    thor (0.20.3)

PLATFORMS
  ruby

DEPENDENCIES
  bundler (~> 2.0)
  mvn2chain!
  rake (~> 12.3)

BUNDLED WITH
   2.0.2
