PATH
  remote: .
  specs:
    mvn2chain (1.2.1)
      everyday-cli-utils (~> 1.8, >= 1.8.2)
      everyday-plugins (~> 1.2)
      everyday_thor_util (~> 2.0, >= 2.0.5)
      mvn2 (~> 2.6, >= 2.6.7)
      thor (~> 0.19)

GEM
  remote: https://rubygems.org/
  specs:
    everyday-cli-utils (1.8.2)
    everyday-plugins (1.2.0)
      everyday-cli-utils (~> 1.7)
    everyday_thor_util (2.0.5)
      everyday-plugins (~> 1.2)
      thor (~> 0.19)
    mvn2 (2.6.7)
      everyday-cli-utils (~> 1.8, >= 1.8.1)
      everyday-plugins (~> 1.2)
    rake (10.4.2)
    thor (0.19.1)

PLATFORMS
  ruby

DEPENDENCIES
  bundler (~> 1.10)
  mvn2chain!
  rake (~> 10.4)

BUNDLED WITH
   1.10.4
